GEM
  remote: https://rubygems.org/
  specs:
    addressable (2.5.2)
      public_suffix (>= 2.0.2, < 4.0)
    crass (1.0.4)
    desk_api (0.6.2)
      addressable (>= 2.3, < 2.6)
      faraday (>= 0.8, < 1.0)
      simple_oauth (>= 0.1, < 0.4)
    faraday (0.15.4)
      multipart-post (>= 1.2, < 3)
    loofah (2.2.3)
      crass (~> 1.0.2)
      nokogiri (>= 1.5.9)
    mini_portile2 (2.4.0)
    multipart-post (2.1.1)
    nokogiri (1.10.4)
      mini_portile2 (~> 2.4.0)
    open_uri_redirections (0.1.4)
    public_suffix (3.1.1)
    rails-html-sanitizer (1.2.0)
      loofah (~> 2.2, >= 2.2.2)
    rubyzip (1.1.0)
    simple_oauth (0.3.1)

PLATFORMS
  ruby

DEPENDENCIES
  desk_api (= 0.6.2)
  open_uri_redirections (= 0.1.4)
  rails-html-sanitizer
  rubyzip (= 1.1.0)

RUBY VERSION
   ruby 2.5.5p157

BUNDLED WITH
   1.17.3
